GEM
  remote: https://rubygems.org/
  specs:
    psych (3.3.1)

PLATFORMS
  arm64-darwin-22

DEPENDENCIES
  psych (= 3.3.1)

RUBY VERSION
   ruby 2.7.8p225

BUNDLED WITH
   2.4.19
