GEM
  remote: https://rubygems.org/
  specs:
    psych (5.1.1.1)
      stringio
    stringio (3.0.8)

PLATFORMS
  arm64-darwin-22
  x86_64-linux

DEPENDENCIES
  psych (= 5.1.1.1)

RUBY VERSION
   ruby 2.7.8p225

BUNDLED WITH
   2.4.19
